GEM
  remote: http://rubygems.org/
  specs:
    haml (3.1.2)
    nokogiri (1.5.0)
    rack (1.3.1)
    rack_csrf (2.2.0)
      rack (>= 0.9)
    sass (3.1.4)
    sinatra (1.2.6)
      rack (~> 1.1)
      tilt (< 2.0, >= 1.2.2)
    tilt (1.3.2)

PLATFORMS
  ruby

DEPENDENCIES
  haml
  nokogiri
  rack_csrf
  sass
  sinatra
